NUGET
  remote: https://www.nuget.org/api/v2
    Argu (3.2)
    Expecto (4.1)
      Argu (>= 3.2)
      FSharp.Core (>= 3.1.2.5)
      Mono.Cecil (>= 0.9.6.4)
    FAKE (4.63.2)
    FParsec (1.0.1)
    FSharp.Compiler.Service (2.0.0.6)
    FSharp.Core (3.1.2.5) - redirects: force
    FSharp.Formatting (2.14.4)
      FSharp.Compiler.Service (2.0.0.6)
      FSharpVSPowerTools.Core (>= 2.3 < 2.4)
    FSharpVSPowerTools.Core (2.3)
      FSharp.Compiler.Service (>= 2.0.0.3)
    MathNet.Numerics (3.8)
      TaskParallelLibrary (>= 1.0.2856) - restriction: && (>= net35) (< net40)
    MathNet.Numerics.FSharp (3.8)
      FSharp.Core (>= 3.1.2.5)
      MathNet.Numerics (3.8)
    Mono.Cecil (0.9.6.4)
    NuGet.CommandLine (4.3)
    TaskParallelLibrary (1.0.2856) - restriction: && (>= net35) (< net40)
