NUGET
  remote: https://www.nuget.org/api/v2
    FAKE (4.63.2)
    FParsec (1.0.1)
    FSharp.Compiler.Service (2.0.0.6)
    FSharp.Core (3.1.2.5) - redirects: force
    FSharp.Formatting (2.14.4)
      FSharp.Compiler.Service (2.0.0.6)
      FSharpVSPowerTools.Core (>= 2.3 < 2.4)
    FSharpVSPowerTools.Core (2.3)
      FSharp.Compiler.Service (>= 2.0.0.3)
    FsUnit (2.3.2)
      FSharp.Core (>= 3.1.2.5)
      NUnit (3.5)
    MathNet.Numerics (3.8)
      TaskParallelLibrary (>= 1.0.2856) - restriction: && (>= net35) (< net40)
    MathNet.Numerics.FSharp (3.8)
      FSharp.Core (>= 3.1.2.5)
      MathNet.Numerics (3.8)
    NuGet.CommandLine (4.3)
    NUnit (3.5)
    NUnit.ConsoleRunner (3.7)
    NUnit.Extension.NUnitProjectLoader (3.6)
    NUnit.Extension.NUnitV2Driver (3.7)
    NUnit.Extension.NUnitV2ResultWriter (3.6)
    NUnit.Extension.TeamCityEventListener (1.0.2)
    NUnit.Extension.VSProjectLoader (3.6)
    NUnit.Runners (3.7)
      NUnit.ConsoleRunner (>= 3.7)
      NUnit.Extension.NUnitProjectLoader (>= 3.5)
      NUnit.Extension.NUnitV2Driver (>= 3.6)
      NUnit.Extension.NUnitV2ResultWriter (>= 3.5)
      NUnit.Extension.TeamCityEventListener (>= 1.0.2)
      NUnit.Extension.VSProjectLoader (>= 3.5)
    TaskParallelLibrary (1.0.2856) - restriction: && (>= net35) (< net40)
