NUGET
  remote: http://nuget.org/api/v2
  specs:
    FAKE (3.17.0)
    FParsec (1.0.1)
    FSharp.Compiler.Service (0.0.82)
    FSharp.Core (3.1.2.1)
    FSharp.Formatting (2.7.4)
      FSharp.Compiler.Service (>= 0.0.82)
      FSharpVSPowerTools.Core (>= 1.7.0)
    FSharpVSPowerTools.Core (1.7.0)
      FSharp.Compiler.Service (>= 0.0.81)
    FsUnit (1.3.0.1)
      NUnit (>= 2.6.3)
    MathNet.Numerics (3.5.0)
      TaskParallelLibrary (>= 1.0.2856) - >= net35 < net40
    MathNet.Numerics.FSharp (3.5.0)
      FSharp.Core (>= 3.1.2.1)
      MathNet.Numerics (3.5.0)
    NuGet.CommandLine (2.8.3)
    NUnit (2.6.4)
    NUnit.Runners (2.6.4)
    TaskParallelLibrary (1.0.2856.0) - >= net35 < net40
