RESTRICTION: || (== net40) (== net461)
NUGET
  remote: https://www.nuget.org/api/v2
    Argu (3.7)
    Expecto (5.0.1)
      Argu (>= 3.7)
      FSharp.Core (>= 4.1.12)
      Mono.Cecil (>= 0.10.0-beta5)
    FAKE (4.63.2)
    FParsec (1.0.1)
    FSharp.Compiler.Service (2.0.0.6)
    FSharp.Core (4.1.18) - redirects: force
    FSharp.Formatting (2.14.4)
      FSharp.Compiler.Service (2.0.0.6)
      FSharpVSPowerTools.Core (>= 2.3 < 2.4)
    FSharpVSPowerTools.Core (2.3)
      FSharp.Compiler.Service (>= 2.0.0.3)
    MathNet.Numerics (3.8)
    MathNet.Numerics.FSharp (3.8)
      FSharp.Core (>= 3.1.2.5)
      MathNet.Numerics (3.8)
    Mono.Cecil (0.10.0-beta7)
    NuGet.CommandLine (4.4.1)
