NUGET
  remote: http://nuget.org/api/v2
  specs:
    FAKE (3.9.9)
    FParsec (1.0.1)
    FSharp.Compiler.Service (0.0.67)
    FSharp.Core.Microsoft.Signed (3.1.1.1)
    FSharp.Formatting (2.4.36)
      FSharp.Compiler.Service (0.0.67)
      Microsoft.AspNet.Razor (2.0.30506.0)
      RazorEngine (3.3.0)
    FsUnit (1.3.0.1)
      NUnit (>= 2.6.3)
    MathNet.Numerics (3.2.3)
      TaskParallelLibrary (>= 1.0.2856.0) - net35
    MathNet.Numerics.FSharp (3.2.3)
      MathNet.Numerics (3.2.3)
    Microsoft.AspNet.Razor (2.0.30506.0)
    NuGet.CommandLine (2.8.3)
    NUnit (2.6.3)
    NUnit.Runners (2.6.3)
    RazorEngine (3.3.0)
      Microsoft.AspNet.Razor (>= 2.0.30506.0)
    TaskParallelLibrary (1.0.2856) - net35
