NUGET
  remote: http://nuget.org/api/v2
  specs:
    FAKE (4.4.5)
    FParsec (1.0.1)
    FSharp.Compiler.Service (0.0.90)
    FSharp.Core (3.1.2.5)
    FSharp.Formatting (2.11.0)
      FSharp.Compiler.Service (>= 0.0.90 <= 1.3)
      FSharpVSPowerTools.Core (1.9.0)
    FSharpVSPowerTools.Core (1.9.0)
      FSharp.Compiler.Service (>= 0.0.90)
    FsUnit (1.3.1)
      NUnit (2.6.4)
    MathNet.Numerics (3.8.0)
      TaskParallelLibrary (>= 1.0.2856.0) - framework: net35
    MathNet.Numerics.FSharp (3.8.0)
      FSharp.Core (>= 3.1.2.5)
      MathNet.Numerics (3.8.0)
    NuGet.CommandLine (2.8.6)
    NUnit (2.6.4)
    NUnit.Runners (2.6.4)
    TaskParallelLibrary (1.0.2856) - framework: net35
