NUGET
  remote: http://www.nuget.org/api/v2
  specs:
    FParsec (1.0.1)
    FSharp.Core (3.1.2.5) - redirects: force
    FsUnit (1.4.1)
      FSharp.Core (>= 3.1.2.5)
      NUnit (2.6.4)
    MathNet.Numerics (3.8.0)
      TaskParallelLibrary (>= 1.0.2856.0) - framework: net35
    MathNet.Numerics.FSharp (3.8.0)
      FSharp.Core (>= 3.1.2.5)
      MathNet.Numerics (3.8.0)
    NUnit (2.6.4)
    TaskParallelLibrary (1.0.2856) - framework: net35

GROUP Build
NUGET
  remote: http://www.nuget.org/api/v2
  specs:
    FAKE (4.20.0)
    FSharp.Compiler.Service (2.0.0.3)
    FSharp.Formatting (2.14.0)
      FSharp.Compiler.Service (>= 2.0.0.3 < 2.1.0)
      FSharpVSPowerTools.Core (>= 2.3.0 < 2.4.0)
    FSharpVSPowerTools.Core (2.3.0)
      FSharp.Compiler.Service (>= 2.0.0.3)
    NuGet.CommandLine (3.3.0)
    NUnit.Runners (2.6.4)
